GEM
  remote: https://rubygems.org/
  specs:
    RbST (0.5.1)
    colorator (0.1)
    ffi (1.9.10)
    haml (4.0.7)
      tilt
    jekyll (3.1.2)
      colorator (~> 0.1)
      jekyll-sass-converter (~> 1.0)
      jekyll-watch (~> 1.1)
      kramdown (~> 1.3)
      liquid (~> 3.0)
      mercenary (~> 0.3.3)
      rouge (~> 1.7)
      safe_yaml (~> 1.0)
    jekyll-haml (0.1.3)
      haml (>= 3.0.0)
      jekyll (>= 0.10.0)
    jekyll-paginate (1.1.0)
    jekyll-sass-converter (1.4.0)
      sass (~> 3.4)
    jekyll-watch (1.3.1)
      listen (~> 3.0)
    kramdown (1.10.0)
    liquid (3.0.6)
    listen (3.0.0)
      rb-fsevent (>= 0.9.3)
      rb-inotify (>= 0.9)
    mercenary (0.3.5)
    normalize-scss (4.0.3)
      sass (~> 3.3)
      support-for (~> 1.0)
    rb-fsevent (0.9.7)
    rb-inotify (0.9.7)
      ffi (>= 0.5.0)
    rouge (1.10.1)
    safe_yaml (1.0.4)
    sass (3.4.21)
    support-for (1.0.3)
      sass (~> 3.3)
    susy (2.2.12)
      sass (>= 3.3.0, < 3.5)
    tilt (2.0.2)

PLATFORMS
  ruby

DEPENDENCIES
  RbST
  jekyll
  jekyll-haml
  jekyll-paginate
  listen (= 3.0.0)
  normalize-scss
  susy

BUNDLED WITH
   1.11.2
